PATH
  remote: .
  specs:
    peglite (0.0.2)

GEM
  remote: https://rubygems.org/
  specs:

PLATFORMS
  ruby

DEPENDENCIES
  peglite!
